PATH
  remote: .
  specs:
    github_api (0.7.0)
      faraday (~> 0.8.1)
      hashie (~> 1.2.0)
      multi_json (~> 1.3)
      nokogiri (>= 1.5.2, < 1.14.0)
      oauth2

GEM
  remote: http://rubygems.org/
  specs:
    addressable (2.2.7)
    builder (3.0.0)
    crack (0.3.1)
    cucumber (1.1.9)
      builder (>= 2.1.2)
      diff-lcs (>= 1.1.2)
      gherkin (~> 2.9.0)
      json (>= 1.4.6)
      term-ansicolor (>= 1.0.6)
    diff-lcs (1.1.3)
    faraday (0.8.11)
      multipart-post (~> 1.2.0)
    gherkin (2.9.3)
      json (>= 1.4.6)
    guard (0.8.8)
      thor (~> 0.14.6)
    guard-cucumber (0.7.4)
      cucumber (>= 0.10)
      guard (>= 0.8.3)
    guard-rspec (0.5.7)
      guard (>= 0.8.4)
    hashie (1.2.0)
    json (1.6.6)
    jwt (2.3.0)
    mini_portile2 (2.8.0)
    multi_json (1.3.2)
    multi_xml (0.6.0)
    multipart-post (1.2.0)
    nokogiri (1.13.3)
      mini_portile2 (~> 2.8.0)
      racc (~> 1.4)
    oauth2 (1.4.8)
      faraday (>= 0.8, < 3.0)
      jwt (>= 1.0, < 3.0)
      multi_json (~> 1.3)
      multi_xml (~> 0.5)
      rack (>= 1.2, < 3)
    racc (1.6.0)
    rack (2.2.3)
    rake (0.9.2.2)
    rspec (2.10.0)
      rspec-core (~> 2.10.0)
      rspec-expectations (~> 2.10.0)
      rspec-mocks (~> 2.10.0)
    rspec-core (2.10.1)
    rspec-expectations (2.10.0)
      diff-lcs (~> 1.1.3)
    rspec-mocks (2.10.1)
    simplecov (0.6.1)
      multi_json (~> 1.0)
      simplecov-html (~> 0.5.3)
    simplecov-html (0.5.3)
    term-ansicolor (1.0.7)
    thor (0.14.6)
    vcr (2.2.0)
    webmock (1.8.6)
      addressable (>= 2.2.7)
      crack (>= 0.1.7)

PLATFORMS
  ruby

DEPENDENCIES
  bundler
  cucumber
  github_api!
  guard
  guard-cucumber
  guard-rspec
  rake
  rspec
  simplecov (~> 0.6.1)
  vcr (~> 2.2.0)
  webmock (~> 1.8.0)
